PATH
  remote: .
  specs:
    cloudenv (0.1.0)
      dotenv

GEM
  remote: https://rubygems.org/
  specs:
    dotenv (2.7.5)
    power_assert (1.1.3)
    rake (13.0.1)
    rdoc (6.1.0)
    test-unit (3.2.9)
      power_assert

PLATFORMS
  ruby

DEPENDENCIES
  cloudenv!
  dotenv
  rake
  rdoc
  test-unit

BUNDLED WITH
   1.17.2
